GEM
  remote: https://rubygems.org/
  specs:
    activemodel (4.1.1)
      activesupport (= 4.1.1)
      builder (~> 3.1)
    activesupport (4.1.1)
      i18n (~> 0.6, >= 0.6.9)
      json (~> 1.7, >= 1.7.7)
      minitest (~> 5.1)
      thread_safe (~> 0.1)
      tzinfo (~> 1.1)
    builder (3.2.2)
    diff-lcs (1.2.4)
    facter (1.7.2)
    faraday (0.9.0)
      multipart-post (>= 1.2, < 3)
    her (0.7.2)
      activemodel (>= 3.0.0, < 4.2)
      activesupport (>= 3.0.0, < 4.2)
      faraday (>= 0.8, < 1.0)
      multi_json (~> 1.7)
    hiera (1.2.1)
      json_pure
    highline (1.6.21)
    i18n (0.6.9)
    json (1.8.1)
    json_pure (1.8.0)
    librarian (0.1.2)
      highline
      thor (~> 0.15)
    librarian-puppet (1.1.1)
      json
      librarian (>= 0.1.2)
      puppet_forge
    metaclass (0.0.1)
    mime-types (2.3)
    mini_portile (0.6.0)
    minitest (5.3.5)
    mocha (0.14.0)
      metaclass (~> 0.0.1)
    multi_json (1.10.1)
    multipart-post (2.0.0)
    nokogiri (1.6.2.1)
      mini_portile (= 0.6.0)
    puppet (3.2.4)
      facter (~> 1.6)
      hiera (~> 1.0)
      rgen (~> 0.6.5)
    puppet-blacksmith (2.1.0)
      nokogiri
      puppet (>= 2.7.16)
      rest-client
    puppet-lint (0.3.2)
    puppet_forge (1.0.2)
      her (~> 0.6)
    puppetlabs_spec_helper (0.4.1)
      mocha (>= 0.10.5)
      rake
      rspec (>= 2.9.0)
      rspec-puppet (>= 0.1.1)
    rake (10.1.0)
    rest-client (1.6.7)
      mime-types (>= 1.16)
    rgen (0.6.5)
    rspec (2.14.1)
      rspec-core (~> 2.14.0)
      rspec-expectations (~> 2.14.0)
      rspec-mocks (~> 2.14.0)
    rspec-core (2.14.5)
    rspec-expectations (2.14.2)
      diff-lcs (>= 1.1.3, < 2.0)
    rspec-mocks (2.14.3)
    rspec-puppet (0.1.6)
      rspec
    thor (0.19.1)
    thread_safe (0.3.4)
    tzinfo (1.2.1)
      thread_safe (~> 0.1)

PLATFORMS
  ruby

DEPENDENCIES
  librarian-puppet (>= 1.0.0)
  puppet (>= 2.7.17)
  puppet-blacksmith (>= 2.1.0)
  puppet-lint (>= 0.1.12)
  puppetlabs_spec_helper
  rake (>= 0.9.2.2)
  rspec-puppet (>= 0.1.3)
